GEM
  remote: http://rubygems.org/
  specs:
    diff-lcs (1.3)
    git (1.2.5)
    jeweler2 (2.0.9)
      git (>= 1.2.5)
    rake (12.1.0)
    rake-rspec (0.0.1)
    rspec (3.6.0)
      rspec-core (~> 3.6.0)
      rspec-expectations (~> 3.6.0)
      rspec-mocks (~> 3.6.0)
    rspec-core (3.6.0)
      rspec-support (~> 3.6.0)
    rspec-expectations (3.6.0)
      diff-lcs (>= 1.2.0, < 2.0)
      rspec-support (~> 3.6.0)
    rspec-mocks (3.6.0)
      diff-lcs (>= 1.2.0, < 2.0)
      rspec-support (~> 3.6.0)
    rspec-support (3.6.0)

PLATFORMS
  ruby

DEPENDENCIES
  jeweler2
  rake
  rake-rspec
  rspec

BUNDLED WITH
   1.13.7
